GEM
  remote: http://rubygems.org/
  specs:
    dino (0.9.1)
      serialport
    haml (3.1.7)
    multi_json (1.3.7)
    pusher (0.11.1)
      multi_json (~> 1.0)
      signature (~> 0.1.6)
    rack (1.4.1)
    rack-protection (1.2.0)
      rack
    sass (3.2.3)
    serialport (1.1.0)
    signature (0.1.6)
    sinatra (1.3.3)
      rack (~> 1.3, >= 1.3.6)
      rack-protection (~> 1.2)
      tilt (~> 1.3, >= 1.3.3)
    tilt (1.3.3)

PLATFORMS
  ruby

DEPENDENCIES
  dino
  haml
  pusher
  sass
  sinatra
